PATH
  remote: .
  specs:
    json_token (0.0.1)
      json

GEM
  remote: https://rubygems.org/
  specs:
    diff-lcs (1.5.1)
    json (2.7.1)
    rake (13.2.1)
    rspec (3.13.0)
      rspec-core (~> 3.13.0)
      rspec-expectations (~> 3.13.0)
      rspec-mocks (~> 3.13.0)
    rspec-core (3.13.0)
      rspec-support (~> 3.13.0)
    rspec-expectations (3.13.0)
      diff-lcs (>= 1.2.0, < 2.0)
      rspec-support (~> 3.13.0)
    rspec-mocks (3.13.0)
      diff-lcs (>= 1.2.0, < 2.0)
      rspec-support (~> 3.13.0)
    rspec-support (3.13.1)

PLATFORMS
  aarch64-linux
  arm64-darwin
  ruby
  x86_64-darwin
  x86_64-linux

DEPENDENCIES
  bundler (~> 2.2)
  json_token!
  rake
  rspec (~> 3.12)

RUBY VERSION
   ruby 3.1.2p20

BUNDLED WITH
   2.5.9
