PATH
  remote: .
  specs:
    live_events (1.0.0)
      activesupport
      aws-sdk-kinesis
      inst_statsd

GEM
  remote: https://rubygems.org/
  specs:
    activemodel (7.0.4.3)
      activesupport (= 7.0.4.3)
    activerecord (7.0.4.3)
      activemodel (= 7.0.4.3)
      activesupport (= 7.0.4.3)
    activesupport (7.0.4.3)
      concurrent-ruby (~> 1.0, >= 1.0.2)
      i18n (>= 1.6, < 2)
      minitest (>= 5.1)
      tzinfo (~> 2.0)
    aroi (0.0.7)
      activerecord (>= 5.2)
      activesupport (>= 5.2)
    aws-eventstream (1.2.0)
    aws-partitions (1.737.0)
    aws-sdk-core (3.171.0)
      aws-eventstream (~> 1, >= 1.0.2)
      aws-partitions (~> 1, >= 1.651.0)
      aws-sigv4 (~> 1.5)
      jmespath (~> 1, >= 1.6.1)
    aws-sdk-kinesis (1.45.0)
      aws-sdk-core (~> 3, >= 3.165.0)
      aws-sigv4 (~> 1.1)
    aws-sigv4 (1.5.2)
      aws-eventstream (~> 1, >= 1.0.2)
    byebug (11.1.3)
    concurrent-ruby (1.2.2)
    diff-lcs (1.5.0)
    dogstatsd-ruby (4.8.2)
    i18n (1.13.0)
      concurrent-ruby (~> 1.0)
    inst_statsd (2.2.0)
      aroi (>= 0.0.7)
      dogstatsd-ruby (~> 4.2)
      statsd-ruby (~> 1.0)
    jmespath (1.6.2)
    minitest (5.18.0)
    nokogiri (1.13.8-arm64-darwin)
      racc (~> 1.4)
    racc (1.6.2)
    rake (13.0.6)
    rspec (3.12.0)
      rspec-core (~> 3.5.0)
      rspec-expectations (~> 3.5.0)
      rspec-mocks (~> 3.5.0)
    rspec-core (3.12.1)
      rspec-support (~> 3.5.0)
    rspec-expectations (3.12.2)
      diff-lcs (>= 1.2.0, < 2.0)
      rspec-support (~> 3.5.0)
    rspec-mocks (3.12.5)
      diff-lcs (>= 1.2.0, < 2.0)
      rspec-support (~> 3.5.0)
    rspec-support (3.12.0)
    statsd-ruby (1.4.0)
    tzinfo (2.0.4)
      concurrent-ruby (~> 1.0)

PLATFORMS
  arm64-darwin-21

DEPENDENCIES
  bundler (~> 2.2)
  byebug
  live_events!
  nokogiri
  rake
  rspec (~> 3.5.0)

BUNDLED WITH
   2.4.10
