PATH
  remote: ..
  specs:
    canvas_cache (0.1.0)
      config_file
      digest-murmurhash (>= 1.1.0)
      guardrail (>= 2.0.0)
      inst_statsd (>= 2.1.0)
      rails
      redis (>= 4.1.0)
      redis-scripting (>= 1.0.0)
      sentry-ruby (~> 5.1.0)
    canvas_errors (0.1.0)
      activesupport
      inst-jobs
    canvas_security (0.1.0)
      canvas_cache
      canvas_errors
      dynamic_settings
      json-jwt (= 1.13.0)
      rails
    config_file (0.1.0)
      rails (>= 5.0)
    dynamic_settings (0.1.0)
      activesupport (>= 5.0)
      config_file
      diplomat (>= 2.5.1)
      railties

PATH
  remote: .
  specs:
    request_context (0.1.0)
      actionpack
      canvas_security
      railties

GEM
  remote: https://rubygems.org/
  specs:
    actioncable (7.0.4.3)
      actionpack (= 7.0.4.3)
      activesupport (= 7.0.4.3)
      nio4r (~> 2.0)
      websocket-driver (>= 0.6.1)
    actionmailbox (7.0.4.3)
      actionpack (= 7.0.4.3)
      activejob (= 7.0.4.3)
      activerecord (= 7.0.4.3)
      activestorage (= 7.0.4.3)
      activesupport (= 7.0.4.3)
      mail (>= 2.7.1)
      net-imap
      net-pop
      net-smtp
    actionmailer (7.0.4.3)
      actionpack (= 7.0.4.3)
      actionview (= 7.0.4.3)
      activejob (= 7.0.4.3)
      activesupport (= 7.0.4.3)
      mail (~> 2.5, >= 2.5.4)
      net-imap
      net-pop
      net-smtp
      rails-dom-testing (~> 2.0)
    actionpack (7.0.4.3)
      actionview (= 7.0.4.3)
      activesupport (= 7.0.4.3)
      rack (~> 2.0, >= 2.2.0)
      rack-test (>= 0.6.3)
      rails-dom-testing (~> 2.0)
      rails-html-sanitizer (~> 1.0, >= 1.2.0)
    actiontext (7.0.4.3)
      actionpack (= 7.0.4.3)
      activerecord (= 7.0.4.3)
      activestorage (= 7.0.4.3)
      activesupport (= 7.0.4.3)
      globalid (>= 0.6.0)
      nokogiri (>= 1.8.5)
    actionview (7.0.4.3)
      activesupport (= 7.0.4.3)
      builder (~> 3.1)
      erubi (~> 1.4)
      rails-dom-testing (~> 2.0)
      rails-html-sanitizer (~> 1.1, >= 1.2.0)
    activejob (7.0.4.3)
      activesupport (= 7.0.4.3)
      globalid (>= 0.3.6)
    activemodel (7.0.4.3)
      activesupport (= 7.0.4.3)
    activerecord (7.0.4.3)
      activemodel (= 7.0.4.3)
      activesupport (= 7.0.4.3)
    activerecord-pg-extensions (0.4.4)
      activerecord (>= 6.0, < 7.1)
      railties (>= 6.0, < 7.1)
    activestorage (7.0.4.3)
      actionpack (= 7.0.4.3)
      activejob (= 7.0.4.3)
      activerecord (= 7.0.4.3)
      activesupport (= 7.0.4.3)
      marcel (~> 1.0)
      mini_mime (>= 1.1.0)
    activesupport (7.0.4.3)
      concurrent-ruby (~> 1.0, >= 1.0.2)
      i18n (>= 1.6, < 2)
      minitest (>= 5.1)
      tzinfo (~> 2.0)
    aes_key_wrap (1.1.0)
    after_transaction_commit (2.2.2)
      activerecord (>= 5.2)
    aroi (0.0.7)
      rails (>= 3.2)
    bindata (2.4.14)
    builder (3.2.4)
    byebug (11.1.3)
    concurrent-ruby (1.2.2)
    crass (1.0.6)
    debug_inspector (1.1.0)
    deep_merge (1.2.2)
    diff-lcs (1.5.0)
    digest (3.1.1)
    digest-murmurhash (1.1.1)
    diplomat (2.6.3)
      deep_merge (~> 1.2)
      faraday (>= 0.9, < 2.0)
    dogstatsd-ruby (4.8.2)
    erubi (1.12.0)
    et-orbi (1.2.7)
      tzinfo
    faraday (0.17.4)
      multipart-post (>= 1.2, < 3)
    fugit (1.8.1)
      et-orbi (~> 1, >= 1.2.7)
      raabro (~> 1.4)
    globalid (1.1.0)
      activesupport (>= 5.0)
    guardrail (3.0.2)
      activerecord (>= 6.1, < 7.1)
      railties (>= 6.1, < 7.1)
    i18n (1.14.1)
      concurrent-ruby (~> 1.0)
    inst-jobs (3.1.10)
      activerecord (>= 6.0)
      activerecord-pg-extensions (~> 0.4.4)
      activesupport (>= 6.0)
      after_transaction_commit (>= 1.0, < 3)
      debug_inspector (~> 1.0)
      fugit (~> 1.3)
      railties (>= 6.0)
    inst_statsd (2.2.0)
      aroi (>= 0.0.7)
      dogstatsd-ruby (~> 4.2)
      statsd-ruby (~> 1.0)
    json-jwt (1.13.0)
      activesupport (>= 4.2)
      aes_key_wrap
      bindata
    loofah (2.20.0)
      crass (~> 1.0.2)
      nokogiri (>= 1.5.9)
    mail (2.7.1)
      mini_mime (>= 0.1.1)
    marcel (1.0.2)
    method_source (1.0.0)
    mini_mime (1.1.2)
    minitest (5.18.0)
    multipart-post (2.1.1)
    net-imap (0.2.3)
      digest
      net-protocol
      strscan
    net-pop (0.1.1)
      digest
      net-protocol
      timeout
    net-protocol (0.2.1)
      timeout
    net-smtp (0.3.1)
      digest
      net-protocol
      timeout
    nio4r (2.5.9)
    nokogiri (1.13.10-aarch64-linux)
      racc (~> 1.4)
    nokogiri (1.13.10-arm64-darwin)
      racc (~> 1.4)
    nokogiri (1.13.10-x86_64-darwin)
      racc (~> 1.4)
    nokogiri (1.13.10-x86_64-linux)
      racc (~> 1.4)
    raabro (1.4.0)
    racc (1.6.2)
    rack (2.2.7)
    rack-test (1.1.0)
      rack (>= 1.0, < 3)
    rails (7.0.4.3)
      actioncable (= 7.0.4.3)
      actionmailbox (= 7.0.4.3)
      actionmailer (= 7.0.4.3)
      actionpack (= 7.0.4.3)
      actiontext (= 7.0.4.3)
      actionview (= 7.0.4.3)
      activejob (= 7.0.4.3)
      activemodel (= 7.0.4.3)
      activerecord (= 7.0.4.3)
      activestorage (= 7.0.4.3)
      activesupport (= 7.0.4.3)
      bundler (>= 1.15.0)
      railties (= 7.0.4.3)
    rails-dom-testing (2.0.3)
      activesupport (>= 4.2.0)
      nokogiri (>= 1.6)
    rails-html-sanitizer (1.5.0)
      loofah (~> 2.19, >= 2.19.1)
    railties (7.0.4.3)
      actionpack (= 7.0.4.3)
      activesupport (= 7.0.4.3)
      method_source
      rake (>= 12.2)
      thor (~> 1.0)
      zeitwerk (~> 2.5)
    rake (13.0.6)
    redis (4.1.4)
    redis-scripting (1.0.1)
      redis (>= 3.0)
    rspec (3.12.0)
      rspec-core (~> 3.12.0)
      rspec-expectations (~> 3.12.0)
      rspec-mocks (~> 3.12.0)
    rspec-core (3.12.1)
      rspec-support (~> 3.12.0)
    rspec-expectations (3.12.2)
      diff-lcs (>= 1.2.0, < 2.0)
      rspec-support (~> 3.12.0)
    rspec-mocks (3.12.5)
      diff-lcs (>= 1.2.0, < 2.0)
      rspec-support (~> 3.12.0)
    rspec-support (3.12.0)
    sentry-ruby (5.1.0)
      concurrent-ruby (~> 1.0, >= 1.0.2)
      sentry-ruby-core (= 5.1.0)
    sentry-ruby-core (5.1.0)
      concurrent-ruby
    statsd-ruby (1.4.0)
    strscan (3.0.6)
    thor (1.2.1)
    timecop (0.9.6)
    timeout (0.3.2)
    tzinfo (2.0.4)
      concurrent-ruby (~> 1.0)
    websocket-driver (0.7.5)
      websocket-extensions (>= 0.1.0)
    websocket-extensions (0.1.5)
    zeitwerk (2.6.8)

PLATFORMS
  aarch64-linux
  arm64-darwin
  x86_64-darwin
  x86_64-linux

DEPENDENCIES
  bundler
  byebug
  canvas_cache!
  canvas_security!
  config_file!
  dynamic_settings!
  request_context!
  rspec
  timecop

BUNDLED WITH
   2.3.26
