PATH
  remote: .
  specs:
    dr_diff (0.0.1)
      gergich (= 2.1.1)

GEM
  remote: https://rubygems.org/
  specs:
    byebug (11.1.3)
    coderay (1.1.3)
    diff-lcs (1.5.0)
    gergich (2.1.1)
      httparty (~> 0.17)
      sqlite3 (~> 1.4)
    httparty (0.21.0)
      mime-types (~> 3.0)
      multi_xml (>= 0.5.2)
    method_source (1.0.0)
    mime-types (3.3.1)
      mime-types-data (~> 3.2015)
    mime-types-data (3.2023.0218.1)
    multi_xml (0.6.0)
    pry (0.14.2)
      coderay (~> 1.1.0)
      method_source (~> 0.8.1)
      slop (~> 3.4)
    pry-nav (0.2.4)
      pry (>= 0.9.10, < 0.11.0)
    rspec (3.12.0)
      rspec-core (~> 3.5.0)
      rspec-expectations (~> 3.5.0)
      rspec-mocks (~> 3.5.0)
    rspec-core (3.12.1)
      rspec-support (~> 3.5.0)
    rspec-expectations (3.12.2)
      diff-lcs (>= 1.2.0, < 2.0)
      rspec-support (~> 3.5.0)
    rspec-mocks (3.12.5)
      diff-lcs (>= 1.2.0, < 2.0)
      rspec-support (~> 3.5.0)
    rspec-support (3.12.0)
    slop (3.6.0)
    sqlite3 (1.6.2-arm64-darwin)

PLATFORMS
  arm64-darwin-21

DEPENDENCIES
  byebug (~> 11.1)
  dr_diff!
  pry
  pry-nav
  rspec (~> 3.5.0)
  rspec-mocks

BUNDLED WITH
   2.4.10
