PATH
  remote: .
  specs:
    canvas_crummy (0.0.1)

GEM
  remote: https://rubygems.org/
  specs:
    docile (1.4.0)
    rake (13.0.6)
    simplecov (0.22.0)
      docile (~> 1.1)
      simplecov-html (~> 0.11)
      simplecov_json_formatter (~> 0.1)
    simplecov-html (0.12.3)
    simplecov_json_formatter (0.1.4)

PLATFORMS
  aarch64-linux
  arm64-darwin
  x86_64-darwin
  x86_64-linux

DEPENDENCIES
  bundler (~> 2.2)
  canvas_crummy!
  rake
  simplecov (~> 0.22)

BUNDLED WITH
   2.3.26
