PATH
  remote: .
  specs:
    csv_diff (1.0.0)
      sqlite3

GEM
  remote: https://rubygems.org/
  specs:
    diff-lcs (1.5.0)
    rake (13.0.6)
    rspec (3.12.0)
      rspec-core (~> 3.12.0)
      rspec-expectations (~> 3.12.0)
      rspec-mocks (~> 3.12.0)
    rspec-core (3.12.1)
      rspec-support (~> 3.12.0)
    rspec-expectations (3.12.2)
      diff-lcs (>= 1.2.0, < 2.0)
      rspec-support (~> 3.12.0)
    rspec-mocks (3.12.5)
      diff-lcs (>= 1.2.0, < 2.0)
      rspec-support (~> 3.12.0)
    rspec-support (3.12.0)
    sqlite3 (1.6.2-aarch64-linux)
    sqlite3 (1.6.2-arm64-darwin)
    sqlite3 (1.6.2-x86_64-darwin)
    sqlite3 (1.6.2-x86_64-linux)

PLATFORMS
  aarch64-linux
  arm64-darwin
  x86_64-darwin
  x86_64-linux

DEPENDENCIES
  bundler (~> 2.2)
  csv_diff!
  rake
  rspec (~> 3.12)

BUNDLED WITH
   2.3.26
