PATH
  remote: ../canvas_slug
  specs:
    canvas_slug (0.0.1)
      swearjar (~> 1.4)

PATH
  remote: .
  specs:
    multipart (0.0.1)
      canvas_slug
      mime-types (~> 3.2)

GEM
  remote: https://rubygems.org/
  specs:
    diff-lcs (1.5.0)
    mime-types (3.3.1)
      mime-types-data (~> 3.2015)
    mime-types-data (3.2023.0218.1)
    rack (2.2.7)
    rack-test (1.1.0)
      rack (>= 1.0, < 3)
    rake (13.0.6)
    rspec (3.12.0)
      rspec-core (~> 3.12.0)
      rspec-expectations (~> 3.12.0)
      rspec-mocks (~> 3.12.0)
    rspec-core (3.12.1)
      rspec-support (~> 3.12.0)
    rspec-expectations (3.12.2)
      diff-lcs (>= 1.2.0, < 2.0)
      rspec-support (~> 3.12.0)
    rspec-mocks (3.12.5)
      diff-lcs (>= 1.2.0, < 2.0)
      rspec-support (~> 3.12.0)
    rspec-support (3.12.0)
    swearjar (1.4.0)

PLATFORMS
  aarch64-linux
  arm64-darwin
  x86_64-darwin
  x86_64-linux

DEPENDENCIES
  bundler (~> 2.2)
  canvas_slug!
  multipart!
  rack (~> 2.2)
  rack-test (~> 1.1)
  rake
  rspec (~> 3.12)

BUNDLED WITH
   2.3.26
