PATH
  remote: ../i18n_extraction
  specs:
    i18n_extraction (0.0.1)
      activesupport (>= 3.2)
      i18nliner (~> 0.1)
      ruby_parser (~> 3.7)
      sexp_processor (~> 4.14, >= 4.14.1)

PATH
  remote: ../utf8_cleaner
  specs:
    utf8_cleaner (0.0.1)

PATH
  remote: .
  specs:
    i18n_tasks (0.0.1)
      activesupport (>= 6)
      i18n (>= 0.7, < 2)
      i18n_extraction
      ruby_parser (~> 3.7)
      utf8_cleaner

GEM
  remote: https://rubygems.org/
  specs:
    activesupport (7.0.4.3)
      concurrent-ruby (~> 1.0, >= 1.0.2)
      i18n (>= 1.6, < 2)
      minitest (>= 5.1)
      tzinfo (~> 2.0)
    concurrent-ruby (1.2.2)
    diff-lcs (1.5.0)
    docile (1.4.0)
    erubi (1.12.0)
    globby (0.1.2)
    i18n (1.14.1)
      concurrent-ruby (~> 1.0)
    i18nliner (0.2.4)
      activesupport (>= 6.0)
      erubi (~> 1.7)
      globby (>= 0.1.1)
      i18n (>= 1.8.6)
      nokogiri (>= 1.5.0)
      ruby2ruby (~> 2.4)
      ruby_parser (~> 3.10)
      sexp_processor (~> 4.10)
      ya2yaml (= 0.31)
    minitest (5.18.0)
    nokogiri (1.13.10-aarch64-linux)
      racc (~> 1.4)
    nokogiri (1.13.10-arm64-darwin)
      racc (~> 1.4)
    nokogiri (1.13.10-x86_64-darwin)
      racc (~> 1.4)
    nokogiri (1.13.10-x86_64-linux)
      racc (~> 1.4)
    racc (1.6.2)
    rake (13.0.6)
    rspec (3.12.0)
      rspec-core (~> 3.12.0)
      rspec-expectations (~> 3.12.0)
      rspec-mocks (~> 3.12.0)
    rspec-core (3.12.1)
      rspec-support (~> 3.12.0)
    rspec-expectations (3.12.2)
      diff-lcs (>= 1.2.0, < 2.0)
      rspec-support (~> 3.12.0)
    rspec-mocks (3.12.5)
      diff-lcs (>= 1.2.0, < 2.0)
      rspec-support (~> 3.12.0)
    rspec-support (3.12.0)
    ruby2ruby (2.5.0)
      ruby_parser (~> 3.1)
      sexp_processor (~> 4.6)
    ruby_parser (3.20.1)
      sexp_processor (~> 4.16)
    sexp_processor (4.17.0)
    simplecov (0.22.0)
      docile (~> 1.1)
      simplecov-html (~> 0.11)
      simplecov_json_formatter (~> 0.1)
    simplecov-html (0.12.3)
    simplecov_json_formatter (0.1.4)
    tzinfo (2.0.4)
      concurrent-ruby (~> 1.0)
    ya2yaml (0.31)

PLATFORMS
  aarch64-linux
  arm64-darwin
  x86_64-darwin
  x86_64-linux

DEPENDENCIES
  bundler (~> 2.2)
  i18n_extraction!
  i18n_tasks!
  i18nliner (~> 0.2.4)
  rake
  rspec (~> 3.12)
  simplecov (~> 0.22)
  utf8_cleaner!

BUNDLED WITH
   2.3.26
