GIT
  remote: https://github.com/kreynolds/cassandra-cql.git
  revision: 02b5abbe441a345c051a180327932566fd66bb36
  ref: 02b5abbe441a345c051a180327932566fd66bb36
  specs:
    cassandra-cql (1.2.3)
      simple_uuid (>= 0.2.0)
      thrift_client (>= 0.7.1, < 0.10)

GIT
  remote: https://github.com/twitter/thrift_client.git
  revision: 5c10d59881825cb8e26ab1aa8f1d2738e88c0e83
  ref: 5c10d59881825cb8e26ab1aa8f1d2738e88c0e83
  specs:
    thrift_client (0.9.3)
      thrift (~> 0.9.0)

PATH
  remote: ../config_file
  specs:
    config_file (0.1.0)
      railties (>= 5.0)

PATH
  remote: .
  specs:
    canvas_cassandra (0.1.0)
      cassandra-cql (~> 1.2.2)
      config_file

GEM
  remote: https://rubygems.org/
  specs:
    actionpack (7.0.8)
      actionview (= 7.0.8)
      activesupport (= 7.0.8)
      rack (~> 2.0, >= 2.2.4)
      rack-test (>= 0.6.3)
      rails-dom-testing (~> 2.0)
      rails-html-sanitizer (~> 1.0, >= 1.2.0)
    actionview (7.0.8)
      activesupport (= 7.0.8)
      builder (~> 3.1)
      erubi (~> 1.4)
      rails-dom-testing (~> 2.0)
      rails-html-sanitizer (~> 1.1, >= 1.2.0)
    activesupport (7.0.8)
      concurrent-ruby (~> 1.0, >= 1.0.2)
      i18n (>= 1.6, < 2)
      minitest (>= 5.1)
      tzinfo (~> 2.0)
    builder (3.2.4)
    concurrent-ruby (1.2.2)
    crass (1.0.6)
    debug (1.8.0)
      irb (>= 1.5.0)
      reline (>= 0.3.1)
    diff-lcs (1.5.0)
    docile (1.4.0)
    erubi (1.12.0)
    i18n (1.14.1)
      concurrent-ruby (~> 1.0)
    io-console (0.6.0)
    irb (1.8.3)
      rdoc
      reline (>= 0.3.8)
    loofah (2.21.4)
      crass (~> 1.0.2)
      nokogiri (>= 1.12.0)
    method_source (1.0.0)
    mini_portile2 (2.8.5)
    minitest (5.20.0)
    nokogiri (1.15.4)
      mini_portile2 (~> 2.8.2)
      racc (~> 1.4)
    nokogiri (1.15.4-aarch64-linux)
      racc (~> 1.4)
    nokogiri (1.15.4-arm64-darwin)
      racc (~> 1.4)
    nokogiri (1.15.4-x86_64-darwin)
      racc (~> 1.4)
    nokogiri (1.15.4-x86_64-linux)
      racc (~> 1.4)
    psych (5.1.1.1)
      stringio
    racc (1.7.2)
    rack (2.2.8)
    rack-test (2.1.0)
      rack (>= 1.3)
    rails-dom-testing (2.2.0)
      activesupport (>= 5.0.0)
      minitest
      nokogiri (>= 1.6)
    rails-html-sanitizer (1.6.0)
      loofah (~> 2.21)
      nokogiri (~> 1.14)
    railties (7.0.8)
      actionpack (= 7.0.8)
      activesupport (= 7.0.8)
      method_source
      rake (>= 12.2)
      thor (~> 1.0)
      zeitwerk (~> 2.5)
    rake (13.0.6)
    rdoc (6.5.0)
      psych (>= 4.0.0)
    reline (0.3.9)
      io-console (~> 0.5)
    rspec (3.12.0)
      rspec-core (~> 3.12.0)
      rspec-expectations (~> 3.12.0)
      rspec-mocks (~> 3.12.0)
    rspec-core (3.12.2)
      rspec-support (~> 3.12.0)
    rspec-expectations (3.12.3)
      diff-lcs (>= 1.2.0, < 2.0)
      rspec-support (~> 3.12.0)
    rspec-mocks (3.12.6)
      diff-lcs (>= 1.2.0, < 2.0)
      rspec-support (~> 3.12.0)
    rspec-support (3.12.1)
    simple_uuid (0.4.0)
    simplecov (0.22.0)
      docile (~> 1.1)
      simplecov-html (~> 0.11)
      simplecov_json_formatter (~> 0.1)
    simplecov-html (0.12.3)
    simplecov_json_formatter (0.1.4)
    stringio (3.0.8)
    thor (1.3.0)
    thrift (0.9.3.0)
    tzinfo (2.0.6)
      concurrent-ruby (~> 1.0)
    zeitwerk (2.6.12)

PLATFORMS
  aarch64-linux
  arm64-darwin
  ruby
  x86_64-darwin
  x86_64-linux

DEPENDENCIES
  bundler (~> 2.2)
  canvas_cassandra!
  cassandra-cql (= 1.2.3)!
  config_file!
  debug
  rake
  rspec (~> 3.12)
  simplecov (~> 0.22)
  thrift_client (= 0.9.3)!

BUNDLED WITH
   2.4.20
