PATH
  remote: .
  specs:
    canvas_dynamodb (0.0.1)
      aws-sdk-applicationautoscaling (~> 1.26)
      aws-sdk-dynamodb (~> 1.32)

GEM
  remote: https://rubygems.org/
  specs:
    aws-eventstream (1.2.0)
    aws-partitions (1.843.0)
    aws-sdk-applicationautoscaling (1.76.0)
      aws-sdk-core (~> 3, >= 3.184.0)
      aws-sigv4 (~> 1.1)
    aws-sdk-core (3.185.2)
      aws-eventstream (~> 1, >= 1.0.2)
      aws-partitions (~> 1, >= 1.651.0)
      aws-sigv4 (~> 1.5)
      jmespath (~> 1, >= 1.6.1)
    aws-sdk-dynamodb (1.96.0)
      aws-sdk-core (~> 3, >= 3.184.0)
      aws-sigv4 (~> 1.1)
    aws-sigv4 (1.6.1)
      aws-eventstream (~> 1, >= 1.0.2)
    diff-lcs (1.5.0)
    docile (1.4.0)
    jmespath (1.6.2)
    rake (13.0.6)
    rspec (3.12.0)
      rspec-core (~> 3.12.0)
      rspec-expectations (~> 3.12.0)
      rspec-mocks (~> 3.12.0)
    rspec-core (3.12.2)
      rspec-support (~> 3.12.0)
    rspec-expectations (3.12.3)
      diff-lcs (>= 1.2.0, < 2.0)
      rspec-support (~> 3.12.0)
    rspec-mocks (3.12.6)
      diff-lcs (>= 1.2.0, < 2.0)
      rspec-support (~> 3.12.0)
    rspec-support (3.12.1)
    simplecov (0.22.0)
      docile (~> 1.1)
      simplecov-html (~> 0.11)
      simplecov_json_formatter (~> 0.1)
    simplecov-html (0.12.3)
    simplecov_json_formatter (0.1.4)

PLATFORMS
  aarch64-linux
  arm64-darwin
  ruby
  x86_64-darwin
  x86_64-linux

DEPENDENCIES
  bundler (~> 2.2)
  canvas_dynamodb!
  rake
  rspec (~> 3.12)
  simplecov (~> 0.22)

BUNDLED WITH
   2.4.20
