PATH
  remote: .
  specs:
    i18n_extraction (0.0.1)
      activesupport (>= 3.2)
      i18nliner (~> 0.1)
      ruby_parser (~> 3.7)
      sexp_processor (~> 4.14, >= 4.14.1)

GEM
  remote: https://rubygems.org/
  specs:
    activesupport (7.0.4.3)
      concurrent-ruby (~> 1.0, >= 1.0.2)
      i18n (>= 1.6, < 2)
      minitest (>= 5.1)
      tzinfo (~> 2.0)
    concurrent-ruby (1.2.2)
    diff-lcs (1.5.0)
    erubi (1.12.0)
    globby (0.1.2)
    i18n (1.13.0)
      concurrent-ruby (~> 1.0)
    i18nliner (0.2.2)
      activesupport (>= 6.0)
      erubi (~> 1.7)
      globby (>= 0.1.1)
      i18n (>= 1.8.6)
      nokogiri (>= 1.5.0)
      ruby2ruby (~> 2.4)
      ruby_parser (~> 3.10)
      sexp_processor (~> 4.10)
      ya2yaml (= 0.31)
    minitest (5.18.0)
    nokogiri (1.13.8-arm64-darwin)
      racc (~> 1.4)
    racc (1.6.2)
    rake (13.0.6)
    rspec (3.12.0)
      rspec-core (~> 3.5.0)
      rspec-expectations (~> 3.5.0)
      rspec-mocks (~> 3.5.0)
    rspec-core (3.12.1)
      rspec-support (~> 3.5.0)
    rspec-expectations (3.12.2)
      diff-lcs (>= 1.2.0, < 2.0)
      rspec-support (~> 3.5.0)
    rspec-mocks (3.12.5)
      diff-lcs (>= 1.2.0, < 2.0)
      rspec-support (~> 3.5.0)
    rspec-support (3.12.0)
    ruby2ruby (2.4.4)
      ruby_parser (~> 3.1)
      sexp_processor (~> 4.6)
    ruby_parser (3.20.0)
      sexp_processor (~> 4.16)
    sexp_processor (4.16.1)
    tzinfo (2.0.4)
      concurrent-ruby (~> 1.0)
    ya2yaml (0.31)

PLATFORMS
  arm64-darwin-21

DEPENDENCIES
  bundler (~> 2.2)
  i18n_extraction!
  rake
  rspec (~> 3.5.0)

BUNDLED WITH
   2.4.10
