PATH
  remote: .
  specs:
    canvas_text_helper (0.0.1)
      i18n

GEM
  remote: https://rubygems.org/
  specs:
    concurrent-ruby (1.3.5)
    diff-lcs (1.6.1)
    docile (1.4.1)
    i18n (1.14.7)
      concurrent-ruby (~> 1.0)
    rake (13.2.1)
    rspec (3.13.0)
      rspec-core (~> 3.13.0)
      rspec-expectations (~> 3.13.0)
      rspec-mocks (~> 3.13.0)
    rspec-core (3.13.3)
      rspec-support (~> 3.13.0)
    rspec-expectations (3.13.3)
      diff-lcs (>= 1.2.0, < 2.0)
      rspec-support (~> 3.13.0)
    rspec-mocks (3.13.2)
      diff-lcs (>= 1.2.0, < 2.0)
      rspec-support (~> 3.13.0)
    rspec-support (3.13.2)
    simplecov (0.22.0)
      docile (~> 1.1)
      simplecov-html (~> 0.11)
      simplecov_json_formatter (~> 0.1)
    simplecov-html (0.13.1)
    simplecov_json_formatter (0.1.4)

PLATFORMS
  aarch64-linux
  arm64-darwin
  ruby
  x86_64-darwin
  x86_64-linux

DEPENDENCIES
  canvas_text_helper!
  rake
  rspec (~> 3.12)
  simplecov (~> 0.22)

RUBY VERSION
   ruby 3.4.1p0

BUNDLED WITH
   2.6.7
